GEM
  remote: https://rubygems.org/
  specs:
    mini_portile2 (2.2.0)
    nokogiri (1.8.0)
      mini_portile2 (~> 2.2.0)

PLATFORMS
  ruby

DEPENDENCIES
  nokogiri (= 1.8.0)

RUBY VERSION
   ruby 2.3.4p301

BUNDLED WITH
   1.15.4
